GEM
  remote: http://rubygems.org/
  specs:
    columnize (0.3.1)
    diff-lcs (1.1.2)
    git (1.2.5)
    linecache (0.43)
    nokogiri (1.4.3.1)
    rack (1.2.1)
    rack-test (0.5.4)
      rack (>= 1.0)
    rspec (2.0.0.beta.17)
      rspec-core (= 2.0.0.beta.17)
      rspec-expectations (= 2.0.0.beta.17)
      rspec-mocks (= 2.0.0.beta.17)
    rspec-core (2.0.0.beta.17)
    rspec-expectations (2.0.0.beta.17)
      diff-lcs (>= 1.1.2)
    rspec-mocks (2.0.0.beta.17)
    rspec-rails (2.0.0.beta.17)
      rspec (>= 2.0.0.beta.14)
      webrat (>= 0.7.0)
    ruby-debug (0.10.3)
      columnize (>= 0.1)
      ruby-debug-base (~> 0.10.3.0)
    ruby-debug-base (0.10.3)
      linecache (>= 0.3)
    shoulda (2.11.1)
    webrat (0.7.1)
      nokogiri (>= 1.2.0)
      rack (>= 1.0)
      rack-test (>= 0.5.3)

PLATFORMS
  ruby

DEPENDENCIES
  git
  rspec (= 2.0.0.beta.17)
  rspec-core (= 2.0.0.beta.17)
  rspec-expectations (= 2.0.0.beta.17)
  rspec-mocks (= 2.0.0.beta.17)
  rspec-rails (= 2.0.0.beta.17)
  ruby-debug (= 0.10.3)
  shoulda (= 2.11.1)
